GIT
  remote: git://github.com/emerencia/maruku.git
  revision: 0ef8c780772c190741d26026d3eccfd1920f8a0d
  specs:
    maruku (0.6.0)
      syntax (>= 1.0.0)

GIT
  remote: git://github.com/mojombo/jekyll.git
  revision: 4499df80330ac70f9ac09f854941394542019b6a
  specs:
    jekyll (0.11.2)
      albino (~> 1.3)
      classifier (~> 1.3)
      directory_watcher (~> 1.1)
      kramdown (~> 0.13)
      liquid (~> 2.3)
      maruku (~> 0.5)

GEM
  remote: http://rubygems.org/
  specs:
    addressable (2.2.7)
    albino (1.3.3)
      posix-spawn (>= 0.3.6)
    classifier (1.3.3)
      fast-stemmer (>= 1.0.0)
    directory_watcher (1.4.1)
    em-websocket (0.3.6)
      addressable (>= 2.1.1)
      eventmachine (>= 0.12.9)
    eventmachine (0.12.10)
    fast-stemmer (1.0.0)
    ffi (1.0.11)
    guard (0.10.0)
      ffi (>= 0.5.0)
      thor (~> 0.14.6)
    guard-livereload (0.4.2)
      em-websocket (>= 0.2.0)
      guard (>= 0.10.0)
      multi_json (~> 1.0)
    guard-sass (0.5.4)
      guard (>= 0.4.0)
      sass (>= 3.1)
    guard-shell (0.4.0)
      guard (>= 0.2.0)
    haml (3.1.4)
    kramdown (0.13.5)
    liquid (2.3.0)
    multi_json (1.1.0)
    posix-spawn (0.3.6)
    rake (0.9.2.2)
    rb-fsevent (0.9.0)
    rdiscount (1.6.8)
    sass (3.1.15)
    syntax (1.0.0)
    thor (0.14.6)
    yajl-ruby (1.1.0)

PLATFORMS
  ruby

DEPENDENCIES
  guard (~> 0.8)
  guard-livereload (~> 0.3)
  guard-sass (~> 0.5)
  guard-shell (~> 0.1)
  haml (~> 3.1.3)
  jekyll!
  liquid (= 2.3.0)
  maruku!
  rake (~> 0.9)
  rb-fsevent (~> 0.4)
  rdiscount (~> 1.6)
  yajl-ruby (~> 1.1)
